GEM
  remote: https://rubygems.org/
  specs:
    httparty (0.14.0)
      multi_xml (>= 0.5.2)
    multi_xml (0.5.5)
    threadparty (0.1.1)

PLATFORMS
  ruby
  x86-mingw32

DEPENDENCIES
  httparty
  threadparty
