GEM
  remote: https://rubygems.org/
  specs:
    httparty (0.14.0)
      multi_xml (>= 0.5.2)
    multi_xml (0.5.5)
    ruby-progressbar (1.8.1)

PLATFORMS
  ruby
  x86-mingw32

DEPENDENCIES
  httparty
  ruby-progressbar

BUNDLED WITH
   1.14.6
